GIT
  remote: https://github.com/mislav/will_paginate
  revision: 0b93300d43f658bb15071f59486c92af06aca064
  specs:
    will_paginate (3.1.6)

GIT
  remote: https://github.com/wordsandwriting/activate-admin
  revision: eaf15be315b68f77e3755000b92f5dc1fc0225ba
  specs:
    activate-admin (0.0.1)
      activate-tools
      padrino
      will_paginate

GIT
  remote: https://github.com/wordsandwriting/activate-tools
  revision: eb6e687165dbf0f43c4c63c439970b1b1fea7f05
  specs:
    activate-tools (0.0.1)
      padrino

GEM
  remote: https://rubygems.org/
  specs:
    activemodel (4.1.13)
      activesupport (= 4.1.13)
      builder (~> 3.1)
    activerecord (4.1.13)
      activemodel (= 4.1.13)
      activesupport (= 4.1.13)
      arel (~> 5.0.0)
    activerecord4-redshift-adapter (0.1.1)
      activerecord (>= 4.0.0, < 4.2.0)
      pg
    activesupport (4.1.13)
      i18n (~> 0.6, >= 0.6.9)
      json (~> 1.7, >= 1.7.7)
      minitest (~> 5.1)
      thread_safe (~> 0.1)
      tzinfo (~> 1.1)
    arel (5.0.1.20140414130214)
    bcrypt (3.1.10)
    builder (3.2.2)
    clockwork (2.0.2)
      activesupport
      tzinfo
    concurrent-ruby (1.0.5)
    connection_pool (2.2.1)
    enumerable-lazy (0.0.1)
    foreman (0.84.0)
      thor (~> 0.19.1)
    i18n (0.7.0)
    json (1.8.3)
    kgio (2.10.0)
    mail (2.5.4)
      mime-types (~> 1.16)
      treetop (~> 1.4.8)
    mime-types (1.25.1)
    minitest (5.8.2)
    moneta (0.7.20)
    mustermann19 (0.4.0)
      enumerable-lazy
    newrelic_rpm (3.13.2.302)
    padrino (0.13.0)
      padrino-admin (= 0.13.0)
      padrino-cache (= 0.13.0)
      padrino-core (= 0.13.0)
      padrino-gen (= 0.13.0)
      padrino-helpers (= 0.13.0)
      padrino-mailer (= 0.13.0)
      padrino-support (= 0.13.0)
    padrino-admin (0.13.0)
      padrino-core (= 0.13.0)
      padrino-helpers (= 0.13.0)
    padrino-cache (0.13.0)
      moneta (~> 0.7.0)
      padrino-core (= 0.13.0)
      padrino-helpers (= 0.13.0)
    padrino-core (0.13.0)
      activesupport (>= 3.1)
      mustermann19
      padrino-support (= 0.13.0)
      rack-protection (>= 1.5.0)
      sinatra (~> 1.4.6)
      thor (~> 0.18)
    padrino-gen (0.13.0)
      bundler (~> 1.0)
      padrino-core (= 0.13.0)
    padrino-helpers (0.13.0)
      i18n (~> 0.6, >= 0.6.7)
      padrino-support (= 0.13.0)
      tilt (~> 1.4.1)
    padrino-mailer (0.13.0)
      mail (~> 2.5.3)
      padrino-core (= 0.13.0)
    padrino-support (0.13.0)
      activesupport (>= 3.1)
    pg (0.18.3)
    polyglot (0.3.5)
    proxies (0.2.1)
    rack (1.6.4)
    rack-protection (1.5.3)
      rack
    raindrops (0.15.0)
    rake (10.4.2)
    redis (3.3.3)
    s3 (0.3.23)
      proxies (~> 0.2.0)
    sidekiq (5.0.4)
      concurrent-ruby (~> 1.0)
      connection_pool (~> 2.2, >= 2.2.0)
      rack-protection (>= 1.5.0)
      redis (~> 3.3, >= 3.3.3)
    sidekiq-limit_fetch (3.4.0)
      sidekiq (>= 4)
    sidekiq-unique-jobs (5.0.10)
      sidekiq (>= 4.0, <= 6.0)
      thor (~> 0)
    sinatra (1.4.6)
      rack (~> 1.4)
      rack-protection (~> 1.4)
      tilt (>= 1.3, < 3)
    thor (0.19.1)
    thread_safe (0.3.5)
    tilt (1.4.1)
    treetop (1.4.15)
      polyglot
      polyglot (>= 0.3.1)
    tzinfo (1.2.2)
      thread_safe (~> 0.1)
    unicorn (4.9.0)
      kgio (~> 2.6)
      rack
      raindrops (~> 0.7)

PLATFORMS
  ruby

DEPENDENCIES
  activate-admin!
  activate-tools!
  activerecord (>= 3.1)
  activerecord4-redshift-adapter
  bcrypt
  clockwork (~> 2.0)
  foreman
  newrelic_rpm
  padrino (= 0.13.0)
  pg
  rake
  s3
  sidekiq (~> 5.0.4)
  sidekiq-limit_fetch
  sidekiq-unique-jobs (~> 5.0.10)
  unicorn
  will_paginate!

BUNDLED WITH
   1.15.4
