GIT
  remote: https://github.com/mislav/will_paginate
  revision: 8113fddf4b506867e9af3aa59fe2df314b79860c
  specs:
    will_paginate (3.3.0)

GIT
  remote: https://github.com/wordsandwriting/activate-admin
  revision: 96fba7fdffed273ece9310a68985b857ded37acf
  specs:
    activate-admin (0.0.5)
      activate-tools
      padrino
      will_paginate

GIT
  remote: https://github.com/wordsandwriting/activate-tools
  revision: f9198ff351c43749eb5de35caff32188ee172ae6
  specs:
    activate-tools (0.0.10)
      padrino

GEM
  remote: https://rubygems.org/
  specs:
    addressable (2.8.0)
      public_suffix (>= 2.0.2, < 5.0)
    arel (6.0.4)
    bcrypt (3.1.13)
    builder (3.2.4)
    connection_pool (2.2.5)
    foreman (0.87.1)
    kgio (2.11.3)
    mail (2.7.1)
      mini_mime (>= 0.1.1)
    mime-types (3.3.1)
      mime-types-data (~> 3.2015)
    mime-types-data (3.2020.0512)
    mini_mime (1.0.2)
    minitest (5.14.1)
    moneta (1.1.1)
    multipart-post (2.1.1)
    newrelic_rpm (6.11.0.365)
    proxies (0.2.3)
    public_suffix (4.0.6)
    rack (2.2.3)
    rack-protection (2.2.0)
      rack
    raindrops (0.19.1)
    rake (13.0.1)
    rbtree3 (0.6.0)
    redis (4.5.1)
    s3 (0.3.29)
      addressable
      proxies
    thor (0.20.3)
    thread_safe (0.3.6)
    tilt (2.0.10)
    tzinfo (1.2.10)
      thread_safe (~> 0.1)
    unicorn (5.5.5)
      kgio (~> 2.6)
      raindrops (~> 0.7)

PLATFORMS
  ruby

DEPENDENCIES
  activate-tools!
  activerecord!
  bcrypt!
  foreman!
  newrelic_rpm!
  rake!
  s3 (= 0.3.29)!
  unicorn!
  will_paginate!

