GIT
  remote: https://github.com/mislav/will_paginate
  revision: 8113fddf4b506867e9af3aa59fe2df314b79860c
  specs:
    will_paginate (3.3.0)

GIT
  remote: https://github.com/wordsandwriting/activate-admin
  revision: 2a5a6c9b4b86993db9ca6552d0d63ce7ec935b7e
  specs:
    activate-admin (0.0.4)
      activate-tools
      padrino
      will_paginate

GIT
  remote: https://github.com/wordsandwriting/activate-tools
  revision: 04f7fc34ece9d9164d13ddf6f0033e2c774cdaf5
  specs:
    activate-tools (0.0.7)
      padrino

GEM
  remote: https://rubygems.org/
  specs:
    activemodel (4.2.11.1)
      activesupport (= 4.2.11.1)
      builder (~> 3.1)
    activerecord (4.2.11.1)
      activemodel (= 4.2.11.1)
      activesupport (= 4.2.11.1)
      arel (~> 6.0)
    activerecord4-redshift-adapter (0.2.1)
      activerecord (~> 4.2.0)
      pg
    activesupport (4.2.11.1)
      i18n (~> 0.7)
      minitest (~> 5.1)
      thread_safe (~> 0.3, >= 0.3.4)
      tzinfo (~> 1.1)
    addressable (2.7.0)
      public_suffix (>= 2.0.2, < 5.0)
    arel (6.0.4)
    bcrypt (3.1.13)
    builder (3.2.4)
    clockwork (2.0.4)
      activesupport
      tzinfo
    concurrent-ruby (1.1.6)
    connection_pool (2.2.2)
    enumerable-lazy (0.0.2)
    foreman (0.87.0)
    i18n (0.9.5)
      concurrent-ruby (~> 1.0)
    kgio (2.11.3)
    mail (2.7.1)
      mini_mime (>= 0.1.1)
    mime-types (2.99.3)
    mini_mime (1.0.2)
    minitest (5.14.0)
    moneta (0.7.20)
    mustermann19 (0.4.4)
      enumerable-lazy
    newrelic_rpm (6.9.0.363)
    padrino (0.13.2)
      padrino-admin (= 0.13.2)
      padrino-cache (= 0.13.2)
      padrino-core (= 0.13.2)
      padrino-gen (= 0.13.2)
      padrino-helpers (= 0.13.2)
      padrino-mailer (= 0.13.2)
      padrino-support (= 0.13.2)
    padrino-admin (0.13.2)
      padrino-core (= 0.13.2)
      padrino-helpers (= 0.13.2)
    padrino-cache (0.13.2)
      moneta (~> 0.7.0)
      padrino-core (= 0.13.2)
      padrino-helpers (= 0.13.2)
    padrino-core (0.13.2)
      activesupport (>= 3.1)
      mustermann19
      padrino-support (= 0.13.2)
      rack-protection (>= 1.5.0)
      sinatra (~> 1.4.6)
      thor (~> 0.18)
    padrino-gen (0.13.2)
      bundler (~> 1.0)
      padrino-core (= 0.13.2)
    padrino-helpers (0.13.2)
      i18n (~> 0.6, >= 0.6.7)
      padrino-support (= 0.13.2)
      tilt (>= 1.4.1, < 3)
    padrino-mailer (0.13.2)
      mail (~> 2.5)
      mime-types (< 3)
      padrino-core (= 0.13.2)
    padrino-support (0.13.2)
      activesupport (>= 3.1)
    pg (1.2.3)
    proxies (0.2.3)
    public_suffix (4.0.3)
    rack (1.6.13)
    rack-protection (1.5.5)
      rack
    raindrops (0.19.1)
    rake (13.0.1)
    redis (4.1.3)
    s3 (0.3.28)
      addressable
      proxies
    sidekiq (5.2.8)
      connection_pool (~> 2.2, >= 2.2.2)
      rack (< 2.1.0)
      rack-protection (>= 1.5.0)
      redis (>= 3.3.5, < 5)
    sidekiq-limit_fetch (3.4.0)
      sidekiq (>= 4)
    sidekiq-unique-jobs (6.0.18)
      concurrent-ruby (~> 1.0, >= 1.0.5)
      sidekiq (>= 4.0, < 7.0)
      thor (~> 0)
    sinatra (1.4.8)
      rack (~> 1.5)
      rack-protection (~> 1.4)
      tilt (>= 1.3, < 3)
    thor (0.20.3)
    thread_safe (0.3.6)
    tilt (2.0.10)
    tzinfo (1.2.6)
      thread_safe (~> 0.1)
    unicorn (5.5.3)
      kgio (~> 2.6)
      raindrops (~> 0.7)

PLATFORMS
  ruby

DEPENDENCIES
  activate-admin!
  activate-tools!
  activerecord (>= 4.1.14.1)
  activerecord4-redshift-adapter
  bcrypt
  clockwork
  foreman
  newrelic_rpm
  padrino (= 0.13.2)
  pg
  rake
  s3
  sidekiq
  sidekiq-limit_fetch
  sidekiq-unique-jobs
  unicorn
  will_paginate!

RUBY VERSION
   ruby 2.3.8p459

BUNDLED WITH
   1.16.6
