GIT
  remote: https://github.com/38degrees/activerecord6-redshift-adapter.git
  revision: 2aa4069ff484d01b2efe56b484fe605c12c9505b
  ref: 2aa4069
  specs:
    activerecord6-redshift-adapter (1.1.0)
      activerecord (~> 6.0)
      pg (>= 0.18)

GIT
  remote: https://github.com/mislav/will_paginate
  revision: 8113fddf4b506867e9af3aa59fe2df314b79860c
  specs:
    will_paginate (3.3.0)

GIT
  remote: https://github.com/oelmekki/activerecord_any_of.git
  revision: 965a47c9ed8262e775ee93a0229e58f26dd23b84
  specs:
    activerecord_any_of (2.0.2)
      activerecord (>= 6, < 8)

GIT
  remote: https://github.com/ruby-concurrency/concurrent-ruby.git
  revision: 56227a4c3ebdd53b8b0976eb8296ceb7a093496f
  ref: 56227a4
  specs:
    concurrent-ruby (1.3.4)

GIT
  remote: https://github.com/wordsandwriting/activate-admin
  revision: 96fba7fdffed273ece9310a68985b857ded37acf
  specs:
    activate-admin (0.0.5)
      activate-tools
      padrino
      will_paginate

GIT
  remote: https://github.com/wordsandwriting/activate-tools
  revision: f9198ff351c43749eb5de35caff32188ee172ae6
  specs:
    activate-tools (0.0.10)
      padrino

GEM
  specs:

GEM
  remote: https://rubygems.org/
  specs:
    activemodel (6.0.6.1)
      activesupport (= 6.0.6.1)
    activerecord (6.0.6.1)
      activemodel (= 6.0.6.1)
      activesupport (= 6.0.6.1)
    activesupport (6.0.6.1)
      concurrent-ruby (~> 1.0, >= 1.0.2)
      i18n (>= 0.7, < 2)
      minitest (~> 5.1)
      tzinfo (~> 1.1)
      zeitwerk (~> 2.2, >= 2.2.2)
    addressable (2.8.0)
      public_suffix (>= 2.0.2, < 5.0)
    airbrake (13.0.4)
      airbrake-ruby (~> 6.0)
    airbrake-ruby (6.2.2)
      rbtree3 (~> 0.6)
    base64 (0.2.0)
    bcrypt (3.1.20)
    bigdecimal (3.1.8)
    clockwork (3.0.2)
      activesupport
      tzinfo
    connection_pool (2.4.1)
    csv (3.3.0)
    date (3.4.1)
    fiddle (1.1.5)
    foreman (0.87.1)
    i18n (0.9.5)
      concurrent-ruby (~> 1.0)
    kgio (2.11.4)
    logger (1.6.2)
    mail (2.8.1)
      mini_mime (>= 0.1.1)
      net-imap
      net-pop
      net-smtp
    mime-types (3.6.0)
      logger
      mime-types-data (~> 3.2015)
    mime-types-data (3.2024.1203)
    mini_mime (1.1.5)
    minitest (5.25.4)
    moneta (1.6.0)
    mustermann (3.0.3)
      ruby2_keywords (~> 0.0.1)
    mutex (1.0)
    mutex_m (0.3.0)
    net-imap (0.5.1)
      date
      net-protocol
    net-pop (0.1.2)
      net-protocol
    net-protocol (0.2.2)
      timeout
    net-smtp (0.5.0)
      net-protocol
    newrelic_rpm (9.16.1)
    ostruct (0.6.1)
    padrino (0.16.0.pre3)
      padrino-admin (= 0.16.0.pre3)
      padrino-cache (= 0.16.0.pre3)
      padrino-core (= 0.16.0.pre3)
      padrino-gen (= 0.16.0.pre3)
      padrino-helpers (= 0.16.0.pre3)
      padrino-mailer (= 0.16.0.pre3)
      padrino-support (= 0.16.0.pre3)
    padrino-admin (0.16.0.pre3)
      padrino-core (= 0.16.0.pre3)
      padrino-helpers (= 0.16.0.pre3)
    padrino-cache (0.16.0.pre3)
      moneta (~> 1.6)
      padrino-core (= 0.16.0.pre3)
      padrino-helpers (= 0.16.0.pre3)
    padrino-core (0.16.0.pre3)
      padrino-support (= 0.16.0.pre3)
      rackup (~> 2.1)
      sinatra (~> 4)
      thor (~> 1.0)
    padrino-gen (0.16.0.pre3)
      bundler (>= 1.0, < 3)
      padrino-core (= 0.16.0.pre3)
    padrino-helpers (0.16.0.pre3)
      i18n (>= 0.6.7, < 2)
      padrino-support (= 0.16.0.pre3)
      tilt (>= 1.4.1, < 3)
    padrino-mailer (0.16.0.pre3)
      mail (~> 2.5)
      mime-types (< 4)
      padrino-core (= 0.16.0.pre3)
    padrino-support (0.16.0.pre3)
    pg (1.5.9)
    proxies (0.2.3)
    public_suffix (4.0.6)
    rack (3.1.8)
    rack-protection (4.1.1)
      base64 (>= 0.1.0)
      logger (>= 1.6.0)
      rack (>= 3.0.0, < 4)
    rack-session (2.0.0)
      rack (>= 3.0.0)
    rackup (2.2.1)
      rack (>= 3)
    raindrops (0.20.1)
    rake (13.2.1)
    rbtree3 (0.7.1)
    redis-client (0.22.2)
      connection_pool
    rexml (3.3.9)
    ruby2_keywords (0.0.5)
    s3 (0.3.29)
      addressable
      proxies
    sentry-ruby (5.22.0)
      bigdecimal
      concurrent-ruby (~> 1.0, >= 1.0.2)
    sentry-sidekiq (5.22.0)
      sentry-ruby (~> 5.22.0)
      sidekiq (>= 3.0)
    sidekiq (7.3.6)
      connection_pool (>= 2.3.0)
      logger
      rack (>= 2.2.4)
      redis-client (>= 0.22.2)
    sidekiq-limit_fetch (4.4.1)
      sidekiq (>= 6)
    sidekiq-unique-jobs (8.0.10)
      concurrent-ruby (~> 1.0, >= 1.0.5)
      sidekiq (>= 7.0.0, < 8.0.0)
      thor (>= 1.0, < 3.0)
    sinatra (4.1.1)
      logger (>= 1.6.0)
      mustermann (~> 3.0)
      rack (>= 3.0.0, < 4)
      rack-protection (= 4.1.1)
      rack-session (>= 2.0.0, < 3)
      tilt (~> 2.0)
    thor (1.3.2)
    thread_safe (0.3.6)
    tilt (2.4.0)
    timeout (0.4.2)
    tzinfo (1.2.11)
      thread_safe (~> 0.1)
    unicorn (6.1.0)
      kgio (~> 2.6)
      raindrops (~> 0.7)
    zeitwerk (2.7.1)

PLATFORMS
  ruby

DEPENDENCIES
  activate-admin!
  activate-tools!
  activerecord!
  activerecord6-redshift-adapter!
  activerecord_any_of!
  airbrake!
  bcrypt!
  clockwork!
  concurrent-ruby!
  csv!
  fiddle!
  foreman!
  mutex!
  mutex_m!
  newrelic_rpm!
  ostruct!
  padrino (= 0.16.0.pre3)!
  pg!
  rake!
  rexml!
  s3 (= 0.3.29)!
  sentry-ruby!
  sentry-sidekiq!
  sidekiq (~> 7)!
  sidekiq-limit_fetch!
  sidekiq-unique-jobs (~> 8)!
  unicorn!
  will_paginate!

RUBY VERSION
   ruby 3.3.5p100

BUNDLED WITH
   2.6.2
